GEM
  remote: https://rubygems.org/
  specs:
    phlex (0.2.2)
      zeitwerk (~> 2.6)
    zeitwerk (2.6.0)

PLATFORMS
  arm64-darwin-21

DEPENDENCIES
  phlex (~> 0.2)

BUNDLED WITH
   2.3.22
